GEM
  remote: https://rubygems.org/
  specs:
    armor (0.0.2)
    cuba (3.1.0)
      rack
    cuba-contrib (3.1.0)
      cuba (~> 3.1)
    gemfile (0.0.2)
    json (1.8.0)
    mote (1.1.2)
    rack (1.5.2)
    rack-protection (1.5.0)
      rack
    requests (0.0.6)
    shield (2.0.0)
      armor

PLATFORMS
  ruby

DEPENDENCIES
  cuba
  cuba-contrib
  gemfile
  json
  mote
  rack-protection
  requests
  shield
